PATH
  remote: .
  specs:
    page_viewer (0.0.2)
      docverter (~> 0.0.7)
      redcarpet (~> 2.3.0)
      rouge (~> 1.4.0)
      sinatra (~> 1.4.2)

GEM
  remote: http://rubygems.org/
  specs:
    docverter (0.0.7)
      rest-client (~> 1.6.7)
    mime-types (2.3)
    rack (1.5.2)
    rack-protection (1.5.3)
      rack
    redcarpet (2.3.0)
    rest-client (1.6.7)
      mime-types (>= 1.16)
    rouge (1.4.0)
    sinatra (1.4.5)
      rack (~> 1.4)
      rack-protection (~> 1.4)
      tilt (~> 1.3, >= 1.3.4)
    tilt (1.4.1)

PLATFORMS
  ruby

DEPENDENCIES
  page_viewer!
