PATH
  remote: .
  specs:
    page_viewer (0.0.4)
      docverter (~> 1.0.1)
      redcarpet (~> 2.3.0)
      rouge (~> 1.4.0)
      sinatra (~> 1.4.2)

GEM
  remote: https://rubygems.org/
  specs:
    docverter (1.0.1)
      rest-client (~> 1.7)
    mime-types (2.3)
    netrc (0.7.7)
    rack (1.5.2)
    rack-protection (1.5.3)
      rack
    redcarpet (2.3.0)
    rest-client (1.7.2)
      mime-types (>= 1.16, < 3.0)
      netrc (~> 0.7)
    rouge (1.4.0)
    sinatra (1.4.5)
      rack (~> 1.4)
      rack-protection (~> 1.4)
      tilt (~> 1.3, >= 1.3.4)
    tilt (1.4.1)

PLATFORMS
  ruby

DEPENDENCIES
  page_viewer!
