PATH
  remote: .
  specs:
    page_viewer (0.0.1)
      docverter (~> 0.0.7)
      pygments.rb (~> 0.4.2)
      redcarpet (~> 2.3.0)
      sinatra (~> 1.4.2)

GEM
  remote: http://rubygems.org/
  specs:
    docverter (0.0.7)
      rest-client (~> 1.6.7)
    mime-types (1.23)
    posix-spawn (0.3.6)
    pygments.rb (0.4.2)
      posix-spawn (~> 0.3.6)
      yajl-ruby (~> 1.1.0)
    rack (1.5.2)
    rack-protection (1.5.0)
      rack
    redcarpet (2.3.0)
    rest-client (1.6.7)
      mime-types (>= 1.16)
    sinatra (1.4.2)
      rack (~> 1.5, >= 1.5.2)
      rack-protection (~> 1.4)
      tilt (~> 1.3, >= 1.3.4)
    tilt (1.4.1)
    yajl-ruby (1.1.0)

PLATFORMS
  ruby

DEPENDENCIES
  page_viewer!
